GEM
  remote: https://rubygems.org/
  specs:
    ruby-ole (1.2.11.7)
    spreadsheet (0.9.7)
      ruby-ole (>= 1.0)
    thor (0.19.1)

PLATFORMS
  ruby

DEPENDENCIES
  spreadsheet
  thor
